GEM
  remote: http://rubygems.org/
  specs:
    rack (1.5.2)
